GEM
  remote: https://rubygems.org/
  specs:
    backports (3.6.7)
    coderay (1.1.0)
    concurrent-ruby (1.0.0)
    ejs (1.1.1)
    execjs (2.6.0)
    foreman (0.78.0)
      thor (~> 0.19.1)
    json (1.8.3)
    method_source (0.8.2)
    multi_json (1.11.2)
    pry (0.10.3)
      coderay (~> 1.1.0)
      method_source (~> 0.8.1)
      slop (~> 3.4)
    rack (1.6.4)
    rack-protection (1.5.3)
      rack
    rack-test (0.6.3)
      rack (>= 1.0)
    sass (3.4.19)
    sinatra (1.4.6)
      rack (~> 1.4)
      rack-protection (~> 1.4)
      tilt (>= 1.3, < 3)
    sinatra-contrib (1.4.6)
      backports (>= 2.0)
      multi_json
      rack-protection
      rack-test
      sinatra (~> 1.4.0)
      tilt (>= 1.3, < 3)
    slop (3.6.0)
    sprockets (3.5.0)
      concurrent-ruby (~> 1.0)
      rack (> 1, < 3)
    thor (0.19.1)
    tilt (2.0.1)
    uglifier (2.7.2)
      execjs (>= 0.3.0)
      json (>= 1.8.0)
    yajl-ruby (1.2.1)

PLATFORMS
  ruby

DEPENDENCIES
  ejs
  foreman
  pry
  sass
  sinatra
  sinatra-contrib
  sprockets (~> 3.0)
  uglifier
  yajl-ruby

BUNDLED WITH
   1.10.6
